PATH
  remote: .
  specs:
    ardy_kafka (0.1.0)
      connection_pool (~> 2)
      rdkafka (= 0.12.0)

GEM
  remote: https://rubygems.org/
  specs:
    coderay (1.1.3)
    connection_pool (2.3.0)
    diff-lcs (1.5.0)
    ffi (1.15.5)
    method_source (1.0.0)
    mini_portile2 (2.8.1)
    pry (0.13.1)
      coderay (~> 1.1)
      method_source (~> 1.0)
    rake (13.0.6)
    rdkafka (0.12.0)
      ffi (~> 1.15)
      mini_portile2 (~> 2.6)
      rake (> 12)
    rspec (3.12.0)
      rspec-core (~> 3.12.0)
      rspec-expectations (~> 3.12.0)
      rspec-mocks (~> 3.12.0)
    rspec-core (3.12.0)
      rspec-support (~> 3.12.0)
    rspec-expectations (3.12.1)
      diff-lcs (>= 1.2.0, < 2.0)
      rspec-support (~> 3.12.0)
    rspec-mocks (3.12.1)
      diff-lcs (>= 1.2.0, < 2.0)
      rspec-support (~> 3.12.0)
    rspec-support (3.12.0)

PLATFORMS
  x86_64-linux

DEPENDENCIES
  ardy_kafka!
  pry (~> 0.13.1)
  rake (~> 13.0)
  rspec (~> 3.0)

BUNDLED WITH
   2.3.26
